GEM
  remote: https://rubygems.org/
  specs:
    base64 (0.2.0)
    browserstack-local (1.4.3)
    diff-lcs (1.5.1)
    parallel (1.24.0)
    rake (13.1.0)
    rexml (3.2.6)
    rspec (3.13.0)
      rspec-core (~> 3.13.0)
      rspec-expectations (~> 3.13.0)
      rspec-mocks (~> 3.13.0)
    rspec-core (3.13.0)
      rspec-support (~> 3.13.0)
    rspec-expectations (3.13.0)
      diff-lcs (>= 1.2.0, < 2.0)
      rspec-support (~> 3.13.0)
    rspec-mocks (3.13.0)
      diff-lcs (>= 1.2.0, < 2.0)
      rspec-support (~> 3.13.0)
    rspec-support (3.13.1)
    rspec_junit_formatter (0.6.0)
      rspec-core (>= 2, < 4, != 2.12.0)
    rubyzip (2.3.2)
    selenium-webdriver (4.18.1)
      base64 (~> 0.2)
      rexml (~> 3.2, >= 3.2.5)
      rubyzip (>= 1.2.2, < 3.0)
      websocket (~> 1.0)
    websocket (1.2.10)

PLATFORMS
  ruby
  x86_64-darwin-22

DEPENDENCIES
  browserstack-local
  parallel
  rake
  rspec
  rspec-core
  rspec_junit_formatter
  selenium-webdriver

BUNDLED WITH
   2.5.3
